PATH
  remote: .
  specs:
    after_the_deadline (0.1.1)
      crack

GEM
  remote: https://rubygems.org/
  specs:
    crack (0.4.1)
      safe_yaml (~> 0.9.0)
    rake (10.1.0)
    safe_yaml (0.9.4)

PLATFORMS
  ruby

DEPENDENCIES
  after_the_deadline!
  bundler (~> 1.3)
  rake
